GEM
  remote: https://rubygems.org/
  specs:
    github-markdown (0.5.3)
    rack (1.4.1)
    rack-protection (1.2.0)
      rack
    redcarpet (2.1.0)
    redis (3.0.4)
    sinatra (1.3.2)
      rack (~> 1.3, >= 1.3.6)
      rack-protection (~> 1.2)
      tilt (~> 1.3, >= 1.3.3)
    tilt (1.3.3)

PLATFORMS
  ruby

DEPENDENCIES
  github-markdown
  redcarpet (= 2.1.0)
  redis
  sinatra (= 1.3.2)
